RESTRICTION: || (== net8.0) (== netstandard2.1)
NUGET
  remote: https://api.nuget.org/v3/index.json
    FSharp.Core (9.0.303)

GROUP Test
STORAGE: NONE
RESTRICTION: || (== net8.0) (== netstandard2.1)
NUGET
  remote: https://api.nuget.org/v3/index.json
    dotnet-xunit (2.3.1)
      Microsoft.NETCore.App (>= 1.0) - restriction: || (== net8.0) (&& (== netstandard2.1) (>= netcoreapp1.0))
    FSharp.Core (9.0.303)
    Microsoft.CodeCoverage (17.14.1) - restriction: || (== net8.0) (&& (== netstandard2.1) (>= net462)) (&& (== netstandard2.1) (>= net8.0))
    Microsoft.NET.Test.Sdk (17.14.1)
      Microsoft.CodeCoverage (>= 17.14.1) - restriction: || (== net8.0) (&& (== netstandard2.1) (>= net462)) (&& (== netstandard2.1) (>= net8.0))
      Microsoft.TestPlatform.TestHost (>= 17.14.1) - restriction: || (== net8.0) (&& (== netstandard2.1) (>= net8.0))
    Microsoft.NETCore.App (2.2.8) - restriction: || (== net8.0) (&& (== netstandard2.1) (>= netcoreapp1.0))
      Microsoft.NETCore.DotNetHostPolicy (>= 2.2.8) - restriction: || (== net8.0) (&& (== netstandard2.1) (>= netcoreapp2.2))
      Microsoft.NETCore.Platforms (>= 2.2.4) - restriction: || (== net8.0) (&& (== netstandard2.1) (>= netcoreapp2.2))
      Microsoft.NETCore.Targets (>= 2.0) - restriction: || (== net8.0) (&& (== netstandard2.1) (>= netcoreapp2.2))
      NETStandard.Library (>= 2.0.3) - restriction: || (== net8.0) (&& (== netstandard2.1) (>= netcoreapp2.2))
    Microsoft.NETCore.DotNetAppHost (5.0) - restriction: || (== net8.0) (&& (== netstandard2.1) (>= netcoreapp2.2))
    Microsoft.NETCore.DotNetHostPolicy (5.0) - restriction: || (== net8.0) (&& (== netstandard2.1) (>= netcoreapp2.2))
      Microsoft.NETCore.DotNetHostResolver (>= 5.0)
    Microsoft.NETCore.DotNetHostResolver (5.0) - restriction: || (== net8.0) (&& (== netstandard2.1) (>= netcoreapp2.2))
      Microsoft.NETCore.DotNetAppHost (>= 5.0)
    Microsoft.NETCore.Platforms (5.0) - restriction: || (== net8.0) (&& (== netstandard2.1) (>= netcoreapp2.2))
    Microsoft.NETCore.Targets (5.0) - restriction: || (== net8.0) (&& (== netstandard2.1) (>= netcoreapp2.2))
    Microsoft.TestPlatform.ObjectModel (17.14.1) - restriction: || (== net8.0) (&& (== netstandard2.1) (>= net8.0))
      System.Reflection.Metadata (>= 8.0)
    Microsoft.TestPlatform.TestHost (17.14.1) - restriction: || (== net8.0) (&& (== netstandard2.1) (>= net8.0))
      Microsoft.TestPlatform.ObjectModel (>= 17.14.1) - restriction: || (== net8.0) (&& (== netstandard2.1) (>= net8.0))
      Newtonsoft.Json (>= 13.0.3) - restriction: || (== net8.0) (&& (== netstandard2.1) (>= net8.0))
    NETStandard.Library (2.0.3) - restriction: || (== net8.0) (&& (== netstandard2.1) (>= netcoreapp2.2))
      Microsoft.NETCore.Platforms (>= 1.1)
    Newtonsoft.Json (13.0.3) - restriction: || (== net8.0) (&& (== netstandard2.1) (>= net8.0))
    System.Collections.Immutable (9.0.8) - restriction: || (== net8.0) (&& (== netstandard2.1) (>= net8.0))
    System.Reflection.Metadata (9.0.8) - restriction: || (== net8.0) (&& (== netstandard2.1) (>= net8.0))
      System.Collections.Immutable (>= 9.0.8)
    xunit (2.9.3)
      xunit.analyzers (>= 1.18)
      xunit.assert (>= 2.9.3)
      xunit.core (2.9.3)
    xunit.abstractions (2.0.3)
    xunit.analyzers (1.24)
    xunit.assert (2.9.3)
    xunit.core (2.9.3)
      xunit.extensibility.core (2.9.3)
      xunit.extensibility.execution (2.9.3)
    xunit.extensibility.core (2.9.3)
      xunit.abstractions (>= 2.0.3)
    xunit.extensibility.execution (2.9.3)
      xunit.extensibility.core (2.9.3)
    xunit.runner.visualstudio (3.1.4)
