RESTRICTION: || (== net50) (== netstandard2.1)
NUGET
  remote: https://api.nuget.org/v3/index.json
    FSharp.Core (5.0)

GROUP Test
STORAGE: NONE
RESTRICTION: || (== net50) (== netstandard2.1)
NUGET
  remote: https://api.nuget.org/v3/index.json
    dotnet-xunit (2.3.1)
      Microsoft.NETCore.App (>= 1.0) - restriction: || (== net50) (&& (== netstandard2.1) (>= netcoreapp1.0))
    FSharp.Core (5.0)
    Microsoft.CodeCoverage (16.8) - restriction: || (== net50) (&& (== netstandard2.1) (>= net45)) (&& (== netstandard2.1) (>= netcoreapp2.1))
    Microsoft.NET.Test.Sdk (16.8)
      Microsoft.CodeCoverage (>= 16.8) - restriction: || (== net50) (&& (== netstandard2.1) (>= net45)) (&& (== netstandard2.1) (>= netcoreapp2.1))
      Microsoft.TestPlatform.TestHost (>= 16.8) - restriction: || (== net50) (&& (== netstandard2.1) (>= netcoreapp2.1))
    Microsoft.NETCore.App (2.2.8) - restriction: || (== net50) (&& (== netstandard2.1) (>= netcoreapp1.0))
      Microsoft.NETCore.DotNetHostPolicy (>= 2.2.8) - restriction: || (== net50) (&& (== netstandard2.1) (>= netcoreapp2.2))
      Microsoft.NETCore.Platforms (>= 2.2.4) - restriction: || (== net50) (&& (== netstandard2.1) (>= netcoreapp2.2))
      Microsoft.NETCore.Targets (>= 2.0) - restriction: || (== net50) (&& (== netstandard2.1) (>= netcoreapp2.2))
      NETStandard.Library (>= 2.0.3) - restriction: || (== net50) (&& (== netstandard2.1) (>= netcoreapp2.2))
    Microsoft.NETCore.DotNetAppHost (5.0) - restriction: || (== net50) (&& (== netstandard2.1) (>= netcoreapp2.2))
    Microsoft.NETCore.DotNetHostPolicy (5.0) - restriction: || (== net50) (&& (== netstandard2.1) (>= netcoreapp2.2))
      Microsoft.NETCore.DotNetHostResolver (>= 5.0)
    Microsoft.NETCore.DotNetHostResolver (5.0) - restriction: || (== net50) (&& (== netstandard2.1) (>= netcoreapp2.2))
      Microsoft.NETCore.DotNetAppHost (>= 5.0)
    Microsoft.NETCore.Platforms (5.0) - restriction: || (== net50) (&& (== netstandard2.1) (>= netcoreapp2.2))
    Microsoft.NETCore.Targets (5.0) - restriction: || (== net50) (&& (== netstandard2.1) (>= netcoreapp2.2))
    Microsoft.TestPlatform.ObjectModel (16.8) - restriction: || (== net50) (&& (== netstandard2.1) (>= netcoreapp2.1))
      NuGet.Frameworks (>= 5.0)
    Microsoft.TestPlatform.TestHost (16.8) - restriction: || (== net50) (&& (== netstandard2.1) (>= netcoreapp2.1))
      Microsoft.TestPlatform.ObjectModel (>= 16.8) - restriction: || (== net50) (&& (== netstandard2.1) (>= netcoreapp2.1)) (&& (== netstandard2.1) (>= uap10.0))
      Newtonsoft.Json (>= 9.0.1) - restriction: || (== net50) (&& (== netstandard2.1) (>= netcoreapp2.1)) (&& (== netstandard2.1) (>= uap10.0))
    NETStandard.Library (2.0.3)
      Microsoft.NETCore.Platforms (>= 1.1)
    Newtonsoft.Json (12.0.3) - restriction: || (== net50) (&& (== netstandard2.1) (>= netcoreapp2.1))
    NuGet.Frameworks (5.8) - restriction: || (== net50) (&& (== netstandard2.1) (>= netcoreapp2.1))
    xunit (2.4.1)
      xunit.analyzers (>= 0.10)
      xunit.assert (2.4.1)
      xunit.core (2.4.1)
    xunit.abstractions (2.0.3)
    xunit.analyzers (0.10)
    xunit.assert (2.4.1)
      NETStandard.Library (>= 1.6.1)
    xunit.core (2.4.1)
      xunit.extensibility.core (2.4.1)
      xunit.extensibility.execution (2.4.1)
    xunit.extensibility.core (2.4.1)
      NETStandard.Library (>= 1.6.1)
      xunit.abstractions (>= 2.0.3)
    xunit.extensibility.execution (2.4.1)
      NETStandard.Library (>= 1.6.1)
      xunit.extensibility.core (2.4.1)
    xunit.runner.visualstudio (2.4.3)
